GEM
  remote: https://rubygems.org/
  specs:
    dotenv (2.1.1)
    rake (11.3.0)

PLATFORMS
  ruby

DEPENDENCIES
  dotenv
  rake
